GEM
  remote: https://rubygems.org/
  specs:
    aws-sdk (1.59.1)
      aws-sdk-v1 (= 1.59.1)
    aws-sdk-v1 (1.59.1)
      json (~> 1.4)
      nokogiri (>= 1.4.4)
    celluloid (0.16.0)
      timers (~> 4.0.0)
    hitimes (1.2.2)
    json (1.8.6)
    mini_portile (0.6.1)
    nokogiri (1.6.5)
      mini_portile (~> 0.6.0)
    sqlite3 (1.3.12)
    thor (0.16.0)
    timers (4.0.1)
      hitimes

PLATFORMS
  ruby

DEPENDENCIES
  aws-sdk
  celluloid
  sqlite3
  thor

BUNDLED WITH
   1.13.7
