GEM
  remote: https://rubygems.org/
  specs:
    aws-partitions (1.20.0)
    aws-sdk-core (3.3.0)
      aws-partitions (~> 1.0)
      aws-sigv4 (~> 1.0)
      jmespath (~> 1.0)
    aws-sdk-kms (1.1.0)
      aws-sdk-core (~> 3)
      aws-sigv4 (~> 1.0)
    aws-sdk-s3 (1.2.0)
      aws-sdk-core (~> 3)
      aws-sdk-kms (~> 1)
      aws-sigv4 (~> 1.0)
    aws-sigv4 (1.0.2)
    celluloid (0.16.0)
      timers (~> 4.0.0)
    hitimes (1.2.6)
    jmespath (1.3.1)
    sqlite3 (1.3.13)
    thor (0.20.0)
    timers (4.0.4)
      hitimes

PLATFORMS
  ruby

DEPENDENCIES
  aws-sdk-s3
  celluloid (~> 0.16.0)
  sqlite3
  thor

BUNDLED WITH
   1.14.6
